PATH
  remote: .
  specs:
    oci_config_reader (0.0.1)

GEM
  remote: https://rubygems.org/
  specs:
    rake (12.3.3)

PLATFORMS
  ruby

DEPENDENCIES
  oci_config_reader!
  rake (~> 12.0)

BUNDLED WITH
   2.1.2
